GEM
  remote: https://rubygems.org/
  specs:
    rack (3.0.8)
    rackup (2.1.0)
      rack (>= 3)
      webrick (~> 1.8)
    webrick (1.8.1)

PLATFORMS
  x86_64-linux

DEPENDENCIES
  rack (~> 3.0.0)
  rackup

RUBY VERSION
   ruby 3.1.2p20

BUNDLED WITH
   2.3.21
